GEM
  remote: http://rubygems.org/
  specs:
    clamp (0.6.3)
    colorize (0.7.3)
    filewatcher (0.3.4)
      trollop (~> 2.0)
    trollop (2.0)

PLATFORMS
  ruby

DEPENDENCIES
  clamp
  colorize
  filewatcher
